GEM
  remote: https://rubygems.org/
  specs:
    maxitest (3.1.0)
      minitest (>= 5.0.0, < 5.12.0)
    minitest (5.11.3)
    single_cov (1.3.0)

PLATFORMS
  ruby

DEPENDENCIES
  maxitest
  single_cov

BUNDLED WITH
   2.0.1
